GEM
  remote: https://rubygems.org/
  specs:
    minitest (5.14.4)
    rake (13.0.6)

PLATFORMS
  arm64-darwin-20

DEPENDENCIES
  minitest (~> 5.0)
  rake (~> 13.0)

BUNDLED WITH
   2.2.22
